PATH
  remote: .
  specs:
    philomath (0.0.4)
      markdownlyze (= 0.0.3)
      nokogiri (= 1.16.7)
      prawn (>= 2.2.2)
      prawn_components (= 0.0.2)

GEM
  remote: https://rubygems.org/
  specs:
    bigdecimal (3.1.8)
    coderay (1.1.3)
    markdownlyze (0.0.3)
      redcarpet (= 3.6.0)
    matrix (0.4.2)
    method_source (1.1.0)
    mini_portile2 (2.8.8)
    nokogiri (1.16.7)
      mini_portile2 (~> 2.8.2)
      racc (~> 1.4)
    nokogiri (1.16.7-x86_64-darwin)
      racc (~> 1.4)
    pdf-core (0.10.0)
    prawn (2.5.0)
      matrix (~> 0.4)
      pdf-core (~> 0.10.0)
      ttfunk (~> 1.8)
    prawn-table (0.2.2)
      prawn (>= 1.3.0, < 3.0.0)
    prawn_components (0.0.2)
      prawn (>= 2.2.2)
      prawn-table (>= 0.2.2)
      redcarpet (= 3.6.0)
      rouge (= 3.30.0)
    pry (0.15.0)
      coderay (~> 1.1)
      method_source (~> 1.0)
    racc (1.8.1)
    redcarpet (3.6.0)
    rouge (3.30.0)
    ttfunk (1.8.0)
      bigdecimal (~> 3.1)

PLATFORMS
  ruby
  x86_64-darwin-21

DEPENDENCIES
  philomath!
  pry

RUBY VERSION
   ruby 3.4.1p0

BUNDLED WITH
   2.5.16
